GEM
  remote: https://rubygems.org/
  specs:
    github-markup (1.3.1)
      posix-spawn (~> 0.3.8)
    hpricot (0.8.6)
    posix-spawn (0.3.9)
    redcarpet (3.1.2)

PLATFORMS
  ruby

DEPENDENCIES
  github-markup
  hpricot
  redcarpet

BUNDLED WITH
   1.13.7
